GEM
  remote: https://rubygems.org/
  specs:
    icalendar (2.6.1)
      ice_cube (~> 0.16)
    ice_cube (0.16.3)

PLATFORMS
  ruby

DEPENDENCIES
  icalendar

BUNDLED WITH
   1.10.6
