GEM
  remote: https://rubygems.org/
  specs:
    icalendar (2.3.0)

PLATFORMS
  ruby

DEPENDENCIES
  icalendar

BUNDLED WITH
   1.10.6
